GEM
  remote: https://rubygems.org/
  specs:
    json (2.0.2)
    mail (2.6.4)
      mime-types (>= 1.16, < 4)
    mime-types (3.1)
      mime-types-data (~> 3.2015)
    mime-types-data (3.2016.0521)
    postmark (1.8.1)
      json
      rake
    rack (1.6.4)
    rack-protection (1.5.3)
      rack
    rake (11.3.0)
    shotgun (0.9.2)
      rack (>= 1.0)
    sinatra (1.4.7)
      rack (~> 1.5)
      rack-protection (~> 1.4)
      tilt (>= 1.3, < 3)
    tilt (2.0.5)

PLATFORMS
  ruby

DEPENDENCIES
  mail
  postmark
  shotgun
  sinatra

BUNDLED WITH
   1.13.1
